PATH
  remote: .
  specs:
    spirit (0.0.1)
      active_model_serializers
      celluloid
      color-tools
      huey
      moneta
      redis
      sucker_punch
      toystore

GEM
  remote: https://rubygems.org/
  specs:
    active_model_serializers (0.7.0)
      activemodel (>= 3.0)
    activemodel (3.2.12)
      activesupport (= 3.2.12)
      builder (~> 3.0.0)
    activesupport (3.2.12)
      i18n (~> 0.6)
      multi_json (~> 1.0)
    adapter (0.7.0)
    builder (3.0.4)
    celluloid (0.12.4)
      facter (>= 1.6.12)
      timers (>= 1.0.0)
    chronic (0.9.1)
    coderay (1.0.9)
    color-tools (1.3.0)
    diff-lcs (1.2.1)
    eventmachine (1.0.3)
    facter (1.6.17)
    guard (1.6.2)
      listen (>= 0.6.0)
      lumberjack (>= 1.0.2)
      pry (>= 0.9.10)
      terminal-table (>= 1.4.3)
      thor (>= 0.14.6)
    guard-rspec (2.4.1)
      guard (>= 1.1)
      rspec (~> 2.11)
    httparty (0.10.2)
      multi_json (~> 1.0)
      multi_xml (>= 0.5.2)
    huey (1.0.1)
      chronic (>= 0.9.0)
      eventmachine (>= 1.0.0)
      httparty (>= 0.9.0)
    i18n (0.6.4)
    listen (0.7.3)
    lumberjack (1.0.2)
    method_source (0.8.1)
    moneta (0.7.14)
    multi_json (1.6.1)
    multi_xml (0.5.3)
    pry (0.9.12)
      coderay (~> 1.0.5)
      method_source (~> 0.8)
      slop (~> 3.4)
    redis (3.0.3)
    rspec (2.13.0)
      rspec-core (~> 2.13.0)
      rspec-expectations (~> 2.13.0)
      rspec-mocks (~> 2.13.0)
    rspec-core (2.13.0)
    rspec-expectations (2.13.0)
      diff-lcs (>= 1.1.3, < 2.0)
    rspec-mocks (2.13.0)
    simple_uuid (0.3.0)
    slop (3.4.3)
    sucker_punch (0.2)
      celluloid (> 0.11)
    terminal-table (1.4.5)
    thor (0.17.0)
    timers (1.1.0)
    toystore (0.13.1)
      activemodel (~> 3.0)
      activesupport (~> 3.0)
      adapter (~> 0.7.0)
      simple_uuid (~> 0.2)

PLATFORMS
  ruby

DEPENDENCIES
  guard
  guard-rspec
  pry
  rspec (~> 2.6)
  spirit!
